{
    "PhaseEncodingDirection":"j-",
    "DeviceSerialNumber":"35430",
    "RepetitionTime":1.4,
    "InstitutionAddress":"Street StreetNo,Seoul/60F3F3/,District,KR,ZIP",
    "PulseSequenceDetails":"%CustomerSeq%\\cmrr_mbep2d_bold",
    "MagneticFieldStrength":3,
    "SeriesDescription":"LSD_TR14S_ISO25_MB3_TASK1",
    "ImageType":[
        "ORIGINAL",
        "PRIMARY",
        "M",
        "MB",
        "ND",
        "NORM",
        "MOSAIC"
    ],
    "TxRefAmp":265.083,
    "PixelBandwidth":1689,
    "ConversionSoftware":"dcm2niix",
    "InstitutionalDepartmentName":"Department",
    "PercentPhaseFOV":100,
    "SliceTiming":[
        0,
        0.74,
        0.075,
        0.8125,
        0.1475,
        0.8875,
        0.2225,
        0.9625,
        0.295,
        1.035,
        0.37,
        1.11,
        0.445,
        1.1825,
        0.5175,
        1.2575,
        0.5925,
        1.3325,
        0.665,
        0,
        0.74,
        0.075,
        0.8125,
        0.1475,
        0.8875,
        0.2225,
        0.9625,
        0.295,
        1.035,
        0.37,
        1.11,
        0.445,
        1.1825,
        0.5175,
        1.2575,
        0.5925,
        1.3325,
        0.665,
        0,
        0.74,
        0.075,
        0.8125,
        0.1475,
        0.8875,
        0.2225,
        0.9625,
        0.295,
        1.035,
        0.37,
        1.11,
        0.445,
        1.1825,
        0.5175,
        1.2575,
        0.5925,
        1.3325,
        0.665
    ],
    "SequenceName":"epfid2d1_80",
    "FlipAngle":66,
    "PhaseEncodingSteps":60,
    "AcquisitionTime":"10:02:35.227500",
    "TotalReadoutTime":0.0553004,
    "MRAcquisitionType":"2D",
    "Manufacturer":"Siemens",
    "PartialFourier":0.75,
    "SpacingBetweenSlices":2.5,
    "SliceThickness":2.5,
    "StationName":"MRC35430",
    "ManufacturersModelName":"TrioTim",
    "ImagingFrequency":123.229,
    "Modality":"MR",
    "MultibandAccelerationFactor":3,
    "DerivedVendorReportedEchoSpacing":0.000700006,
    "PercentSampling":100,
    "EffectiveEchoSpacing":0.000700006,
    "DwellTime":3.7e-06,
    "AcquisitionMatrixPE":80,
    "EchoTime":0.03,
    "BaseResolution":80,
    "PatientPosition":"HFS",
    "TaskName":"multiband",
    "ReconMatrixPE":80,
    "InPlanePhaseEncodingDirectionDICOM":"COL",
    "CoilString":"C:HEA;HEP",
    "ImageOrientationPatientDICOM":[
        1,
        -0.000314828,
        -0.000935305,
        -5.60022e-08,
        0.947731,
        -0.31907
    ],
    "ConversionSoftwareVersion":"v1.0.20210317",
    "ReceiveCoilName":"32Ch_Head",
    "AcquisitionNumber":1,
    "ScanOptions":"PFP\\FS",
    "SequenceVariant":"SK\\SS",
    "ShimSetting":[
        1196,
        3170,
        9218,
        781,
        285,
        337,
        289,
        62
    ],
    "ImageComments":"Unaliased MB3/PE3/LB",
    "ScanningSequence":"EP",
    "PhaseResolution":1,
    "InstitutionName":"Korea Univ.",
    "ProcedureStepDescription":"KUIV.^Protocol Customize",
    "BandwidthPerPixelPhaseEncode":17.857,
    "ProtocolName":"LSD_TR14S_ISO25_MB3_TASK1",
    "SeriesNumber":5,
    "SAR":0.165292,
    "SoftwareVersions":"syngo MR B19"
}