{
    "RefLinesPE":24,
    "PhaseEncodingDirection":"j-",
    "DeviceSerialNumber":"35430",
    "RepetitionTime":2,
    "InstitutionAddress":"Street StreetNo,Seoul/60F3F3/,District,KR,ZIP",
    "PulseSequenceDetails":"%SiemensSeq%\\ep2d_pace",
    "MagneticFieldStrength":3,
    "SeriesDescription":"Task1_GAP_ep2d_pace_3x3x3",
    "InPlanePhaseEncodingDirectionDICOM":"COL",
    "TxRefAmp":265.083,
    "PixelBandwidth":2155,
    "ConversionSoftware":"dcm2niix",
    "InstitutionalDepartmentName":"Department",
    "PercentPhaseFOV":100,
    "SliceTiming":[
        0.995,
        0,
        1.05,
        0.055,
        1.105,
        0.11,
        1.16,
        0.165,
        1.215,
        0.22,
        1.27,
        0.2775,
        1.325,
        0.3325,
        1.38,
        0.3875,
        1.435,
        0.4425,
        1.49,
        0.4975,
        1.545,
        0.5525,
        1.6025,
        0.6075,
        1.6575,
        0.6625,
        1.7125,
        0.7175,
        1.7675,
        0.7725,
        1.8225,
        0.8275,
        1.8775,
        0.8825,
        1.9325,
        0.94
    ],
    "SequenceName":"*epfid2d1_80",
    "FlipAngle":66,
    "PhaseEncodingSteps":79,
    "AcquisitionTime":"10:25:50.972500",
    "TotalReadoutTime":0.0288346,
    "MRAcquisitionType":"2D",
    "Manufacturer":"Siemens",
    "PartialFourier":1,
    "SpacingBetweenSlices":3.99,
    "SliceThickness":3,
    "StationName":"MRC35430",
    "ManufacturersModelName":"TrioTim",
    "ImagingFrequency":123.229,
    "Modality":"MR",
    "DerivedVendorReportedEchoSpacing":0.000729991,
    "PercentSampling":100,
    "EffectiveEchoSpacing":0.000364995,
    "DwellTime":2.9e-06,
    "AcquisitionMatrixPE":80,
    "EchoTime":0.025,
    "BaseResolution":80,
    "PatientPosition":"HFS",
    "TaskName":"singleband",
    "ReconMatrixPE":80,
    "CoilString":"C:HEA;HEP",
    "VendorReportedEchoSpacing":0.00073,
    "ImageOrientationPatientDICOM":[
        0.999986,
        0.00160927,
        0.00498253,
        4.55829e-08,
        0.951594,
        -0.307357
    ],
    "ConversionSoftwareVersion":"v1.0.20210317",
    "ReceiveCoilName":"32Ch_Head",
    "AcquisitionNumber":1,
    "ScanOptions":"FS",
    "SequenceVariant":"SK",
    "ShimSetting":[
        1197,
        3171,
        9218,
        779,
        286,
        339,
        291,
        62
    ],
    "ImageType":[
        "ORIGINAL",
        "PRIMARY",
        "M",
        "ND",
        "NORM",
        "MOSAIC"
    ],
    "ScanningSequence":"EP",
    "PhaseResolution":1,
    "InstitutionName":"Korea Univ.",
    "ParallelReductionFactorInPlane":2,
    "ProcedureStepDescription":"KUIV.^Protocol Customize",
    "BandwidthPerPixelPhaseEncode":34.247,
    "ProtocolName":"Task1_GAP_ep2d_pace_3x3x3",
    "SeriesNumber":8,
    "SAR":0.106725,
    "SoftwareVersions":"syngo MR B19"
}