{
    "RefLinesPE":24,
    "PhaseEncodingDirection":"j-",
    "DeviceSerialNumber":"35430",
    "RepetitionTime":2,
    "InstitutionAddress":"Street StreetNo,Seoul/60F3F3/,District,KR,ZIP",
    "PulseSequenceDetails":"%SiemensSeq%\\ep2d_pace",
    "MagneticFieldStrength":3,
    "SeriesDescription":"Task1_GAP_ep2d_pace_3x3x3",
    "InPlanePhaseEncodingDirectionDICOM":"COL",
    "TxRefAmp":263.379,
    "PixelBandwidth":2404,
    "ConversionSoftware":"dcm2niix",
    "InstitutionalDepartmentName":"Department",
    "PercentPhaseFOV":100,
    "SliceTiming":[
        0.995,
        0,
        1.05,
        0.055,
        1.105,
        0.11,
        1.16,
        0.165,
        1.215,
        0.22,
        1.27,
        0.275,
        1.325,
        0.3325,
        1.38,
        0.3875,
        1.435,
        0.4425,
        1.49,
        0.4975,
        1.545,
        0.5525,
        1.6,
        0.6075,
        1.6575,
        0.6625,
        1.7125,
        0.7175,
        1.7675,
        0.7725,
        1.8225,
        0.8275,
        1.8775,
        0.8825,
        1.9325,
        0.9375
    ],
    "SequenceName":"*epfid2d1_80",
    "FlipAngle":66,
    "PhaseEncodingSteps":79,
    "AcquisitionTime":"13:56:5.717500",
    "TotalReadoutTime":0.01975,
    "MRAcquisitionType":"2D",
    "Manufacturer":"Siemens",
    "PartialFourier":1,
    "SpacingBetweenSlices":3.99,
    "SliceThickness":3,
    "StationName":"MRC35430",
    "ManufacturersModelName":"TrioTim",
    "ImagingFrequency":123.229,
    "Modality":"MR",
    "DerivedVendorReportedEchoSpacing":0.0005,
    "PercentSampling":100,
    "EffectiveEchoSpacing":0.00025,
    "DwellTime":2.6e-06,
    "AcquisitionMatrixPE":80,
    "EchoTime":0.025,
    "BaseResolution":80,
    "PatientPosition":"HFS",
    "TaskName":"singleband",
    "ReconMatrixPE":80,
    "CoilString":"C:HEA;HEP",
    "ImageOrientationPatientDICOM":[
        0.999986,
        0.00135519,
        0.00505755,
        -2.06313e-08,
        0.965926,
        -0.258819
    ],
    "ConversionSoftwareVersion":"v1.0.20210317",
    "ReceiveCoilName":"32Ch_Head",
    "AcquisitionNumber":1,
    "ScanOptions":"FS",
    "SequenceVariant":"SK",
    "ShimSetting":[
        1228,
        3228,
        9148,
        529,
        243,
        104,
        283,
        -1
    ],
    "ImageType":[
        "ORIGINAL",
        "PRIMARY",
        "M",
        "ND",
        "NORM",
        "MOSAIC"
    ],
    "ScanningSequence":"EP",
    "PhaseResolution":1,
    "InstitutionName":"Korea Univ.",
    "ParallelReductionFactorInPlane":2,
    "ProcedureStepDescription":"KUIV.^Protocol Customize",
    "BandwidthPerPixelPhaseEncode":50,
    "ProtocolName":"Task1_GAP_ep2d_pace_3x3x3",
    "SeriesNumber":7,
    "SAR":0.122134,
    "SoftwareVersions":"syngo MR B19"
}