{
    "InversionTime":0.9,
    "RefLinesPE":24,
    "DeviceSerialNumber":"35430",
    "RepetitionTime":1.9,
    "InstitutionAddress":"Street StreetNo,Seoul/60F3F3/,District,KR,ZIP",
    "PulseSequenceDetails":"%SiemensSeq%\\tfl",
    "MagneticFieldStrength":3,
    "SeriesDescription":"LSD_T1_mpr_sag_p2_iso",
    "InPlanePhaseEncodingDirectionDICOM":"ROW",
    "TxRefAmp":265.083,
    "PixelBandwidth":170,
    "ConversionSoftware":"dcm2niix",
    "InstitutionalDepartmentName":"Department",
    "PercentPhaseFOV":100,
    "SequenceName":"*tfl3d1_ns",
    "FlipAngle":9,
    "PhaseEncodingSteps":255,
    "AcquisitionTime":"10:46:50.812500",
    "MRAcquisitionType":"3D",
    "Manufacturer":"Siemens",
    "PartialFourier":1,
    "SliceThickness":1,
    "StationName":"MRC35430",
    "ManufacturersModelName":"TrioTim",
    "ImagingFrequency":123.23,
    "Modality":"MR",
    "PercentSampling":100,
    "AcquisitionMatrixPE":256,
    "EchoTime":0.00252,
    "BaseResolution":256,
    "PatientPosition":"HFS",
    "ReconMatrixPE":256,
    "CoilString":"C:HEA;HEP",
    "ImageOrientationPatientDICOM":[
        0.0401886,
        0.999192,
        -1.96769e-08,
        -0.0070683,
        0.000284275,
        -0.999975
    ],
    "ConversionSoftwareVersion":"v1.0.20210317",
    "ReceiveCoilName":"32Ch_Head",
    "AcquisitionNumber":1,
    "ScanOptions":"IR",
    "SequenceVariant":"SP\\MP",
    "ShimSetting":[
        1194,
        3294,
        8814,
        1,
        138,
        438,
        14,
        67
    ],
    "ImageType":[
        "ORIGINAL",
        "PRIMARY",
        "M",
        "ND"
    ],
    "ScanningSequence":"GR\\IR",
    "PhaseResolution":1,
    "InstitutionName":"Korea Univ.",
    "ParallelReductionFactorInPlane":2,
    "ProcedureStepDescription":"KUIV.^Protocol Customize",
    "DwellTime":1.15e-05,
    "ProtocolName":"LSD_T1_mpr_sag_p2_iso",
    "SeriesNumber":10,
    "SAR":0.112484,
    "SoftwareVersions":"syngo MR B19"
}